GEM
  remote: https://rubygems.org/
  specs:
    haml (4.0.5)
      tilt
    mail (2.6.1)
      mime-types (>= 1.16, < 3)
    mime-types (2.3)
    rack (1.5.2)
    rack-protection (1.5.3)
      rack
    sinatra (1.4.5)
      rack (~> 1.4)
      rack-protection (~> 1.4)
      tilt (~> 1.3, >= 1.3.4)
    tilt (1.4.1)

PLATFORMS
  x86-mingw32

DEPENDENCIES
  haml
  mail
  sinatra
